GEM
  remote: https://rubygems.org/
  specs:
    ethon (0.6.1)
      ffi (>= 1.3.0)
      mime-types (~> 1.18)
    ffi (1.9.3)
    mime-types (1.25.1)
    mini_portile (0.5.2)
    nokogiri (1.6.1)
      mini_portile (~> 0.5.0)
    typhoeus (0.6.6)
      ethon (~> 0.6.1)

PLATFORMS
  ruby

DEPENDENCIES
  nokogiri
  typhoeus
